GEM
  remote: https://rubygems.org/
  specs:
    activefunction (0.4.2)
      activefunction-core (~> 0.2.4)
    activefunction-core (0.2.4)
      ruby-next (~> 1.0)
    ast (2.4.2)
    aws-eventstream (1.3.0)
    aws-partitions (1.898.0)
    aws-sdk-core (3.191.4)
      aws-eventstream (~> 1, >= 1.3.0)
      aws-partitions (~> 1, >= 1.651.0)
      aws-sigv4 (~> 1.8)
      jmespath (~> 1, >= 1.6.1)
    aws-sdk-dynamodb (1.105.0)
      aws-sdk-core (~> 3, >= 3.191.0)
      aws-sigv4 (~> 1.1)
    aws-sdk-eventbridge (1.57.0)
      aws-sdk-core (~> 3, >= 3.191.0)
      aws-sigv4 (~> 1.1)
    aws-sigv4 (1.8.0)
      aws-eventstream (~> 1, >= 1.0.2)
    diff-lcs (1.5.1)
    jmespath (1.6.2)
    minitest (5.22.3)
    nokogiri (1.16.3-x86_64-linux)
      racc (~> 1.4)
    paco (0.2.3)
    parser (3.3.0.5)
      ast (~> 2.4.1)
      racc
    racc (1.7.3)
    require-hooks (0.2.2)
    ruby-next (1.0.2)
      paco (~> 0.2)
      require-hooks (~> 0.2)
      ruby-next-core (= 1.0.2)
      ruby-next-parser (>= 3.2.2.0)
      unparser (~> 0.6.0)
    ruby-next-core (1.0.2)
    ruby-next-parser (3.2.2.0)
      parser (>= 3.0.3.1)
    unparser (0.6.13)
      diff-lcs (~> 1.3)
      parser (>= 3.3.0)

PLATFORMS
  x86_64-linux

DEPENDENCIES
  activefunction (~> 0.4.2)
  aws-sdk-dynamodb
  aws-sdk-eventbridge
  minitest
  nokogiri

BUNDLED WITH
   2.4.19
